PATH
  remote: .
  specs:
    faker (1.3.0)
      activesupport (~> 3.0.11)
      i18n (~> 0.5)
      nokogiri

GEM
  remote: http://rubygems.org/
  specs:
    activesupport (3.0.20)
    i18n (0.6.9)
    mini_portile (0.5.2)
    nokogiri (1.6.1)
      mini_portile (~> 0.5.0)
    rake (10.1.0)
    test-unit (2.5.5)

PLATFORMS
  ruby

DEPENDENCIES
  faker!
  rake
  test-unit
